GEM
  remote: https://rubygems.org/
  specs:
    erubis (2.7.0)
    rack (1.5.2)
    rack-protection (1.5.0)
      rack
    redis (3.0.4)
    redis-namespace (1.3.1)
      redis (~> 3.0.0)
    simple-random (0.9.3)
    sinatra (1.4.3)
      rack (~> 1.4)
      rack-protection (~> 1.4)
      tilt (~> 1.3, >= 1.3.4)
    sinatra-partial (0.4.0)
      sinatra
    sinatra-static-assets (1.0.4)
      sinatra (>= 1.1.0)
    split (0.6.5)
      redis (>= 2.1)
      redis-namespace (>= 1.1.0)
      simple-random
      sinatra (>= 1.2.6)
    tilt (1.4.1)

PLATFORMS
  ruby

DEPENDENCIES
  erubis
  sinatra
  sinatra-partial
  sinatra-static-assets
  split

RUBY VERSION
   ruby 2.3.1p112

BUNDLED WITH
   1.13.6
